GEM
  remote: https://rubygems.org/
  specs:
    chartkick (3.3.0)
    qif (1.2.0)

PLATFORMS
  ruby

DEPENDENCIES
  chartkick
  qif

BUNDLED WITH
   1.14.4
